RESTRICTION: == net50
NUGET
  remote: https://api.nuget.org/v3/index.json
    Expecto (9.0.2)
      FSharp.Core (>= 4.6)
      Mono.Cecil (>= 0.11.2)
    Expecto.VisualStudio.TestAdapter (10.0.2)
    FSharp.Core (5.0)
    Mono.Cecil (0.11.3)
